GEM
  remote: https://rubygems.org/
  specs:
    dotenv (3.1.7)
    net-ssh (7.3.0)

PLATFORMS
  ruby
  x86_64-darwin-22

DEPENDENCIES
  dotenv (~> 3.1)
  net-ssh (~> 7.3)

RUBY VERSION
   ruby 3.3.5p100

BUNDLED WITH
   2.5.16
